PATH
  remote: .
  specs:
    trophonius (1.0.0)
      redis (~> 3.0)
      typhoeus (~> 1.3)

GEM
  remote: https://rubygems.org/
  specs:
    ast (2.4.0)
    backport (1.0.0)
    ethon (0.12.0)
      ffi (>= 1.3.0)
    ffi (1.10.0)
    htmlentities (4.3.4)
    jaro_winkler (1.5.2)
    kramdown (1.17.0)
    mini_portile2 (2.4.0)
    nokogiri (1.10.2)
      mini_portile2 (~> 2.4.0)
    parallel (1.17.0)
    parser (2.6.2.1)
      ast (~> 2.4.0)
    psych (3.1.0)
    rainbow (3.0.0)
    redis (3.3.5)
    reverse_markdown (1.1.0)
      nokogiri
    rubocop (0.67.2)
      jaro_winkler (~> 1.5.1)
      parallel (~> 1.10)
      parser (>= 2.5, != 2.5.1.1)
      psych (>= 3.1.0)
      rainbow (>= 2.2.2, < 4.0)
      ruby-progressbar (~> 1.7)
      unicode-display_width (>= 1.4.0, < 1.6)
    ruby-progressbar (1.10.0)
    solargraph (0.32.1)
      backport (~> 1.0)
      bundler (>= 1.17.2)
      htmlentities (~> 4.3, >= 4.3.4)
      jaro_winkler (~> 1.5)
      kramdown (~> 1.16)
      parser (~> 2.3)
      reverse_markdown (~> 1.0, >= 1.0.5)
      rubocop (~> 0.52)
      thor (~> 0.19, >= 0.19.4)
      tilt (~> 2.0)
      yard (~> 0.9)
    thor (0.20.3)
    tilt (2.0.9)
    typhoeus (1.3.1)
      ethon (>= 0.9.0)
    unicode-display_width (1.5.0)
    yard (0.9.19)

PLATFORMS
  ruby

DEPENDENCIES
  solargraph (~> 0.32, >= 0.32.0)
  trophonius!

BUNDLED WITH
   2.0.1
