PATH
  remote: .
  specs:
    trophonius (1.4.5.5)
      activesupport (>= 6.0)
      redis (~> 4.0)
      typhoeus (~> 1.3)

GEM
  remote: https://rubygems.org/
  specs:
    activesupport (7.0.4.1)
      concurrent-ruby (~> 1.0, >= 1.0.2)
      i18n (>= 1.6, < 2)
      minitest (>= 5.1)
      tzinfo (~> 2.0)
    concurrent-ruby (1.1.10)
    ethon (0.16.0)
      ffi (>= 1.15.0)
    ffi (1.15.5)
    i18n (1.12.0)
      concurrent-ruby (~> 1.0)
    minitest (5.17.0)
    redis (4.8.0)
    typhoeus (1.4.0)
      ethon (>= 0.9.0)
    tzinfo (2.0.5)
      concurrent-ruby (~> 1.0)
    yard (0.9.20)

PLATFORMS
  ruby

DEPENDENCIES
  trophonius!
  yard (>= 0.9.20)

BUNDLED WITH
   2.0.2
